PATH
  remote: .
  specs:
    avs (0.1.3)
      activesupport (~> 7.1.3.2)
      connection_pool (~> 2.4.1)
      dotenv (~> 3.1.0)
      gli (~> 2.21.1)
      mail (~> 2.8.1)
      pg (~> 1.5.6)
      roo (~> 2.10.1)
      ruby-progressbar (~> 1.13.0)
      typhoeus (~> 1.4.1)

GEM
  remote: https://rubygems.org/
  specs:
    activesupport (7.1.3.4)
      base64
      bigdecimal
      concurrent-ruby (~> 1.0, >= 1.0.2)
      connection_pool (>= 2.2.5)
      drb
      i18n (>= 1.6, < 2)
      minitest (>= 5.1)
      mutex_m
      tzinfo (~> 2.0)
    base64 (0.2.0)
    bigdecimal (3.1.8)
    concurrent-ruby (1.3.4)
    connection_pool (2.4.1)
    date (3.4.0)
    dotenv (3.1.4)
    drb (2.2.1)
    ethon (0.16.0)
      ffi (>= 1.15.0)
    ffi (1.17.0-aarch64-linux-gnu)
    ffi (1.17.0-aarch64-linux-musl)
    ffi (1.17.0-arm-linux-gnu)
    ffi (1.17.0-arm-linux-musl)
    ffi (1.17.0-arm64-darwin)
    ffi (1.17.0-x86-linux-gnu)
    ffi (1.17.0-x86-linux-musl)
    ffi (1.17.0-x86_64-darwin)
    ffi (1.17.0-x86_64-linux-gnu)
    ffi (1.17.0-x86_64-linux-musl)
    gli (2.21.5)
    i18n (1.14.6)
      concurrent-ruby (~> 1.0)
    mail (2.8.1)
      mini_mime (>= 0.1.1)
      net-imap
      net-pop
      net-smtp
    mini_mime (1.1.5)
    minitest (5.25.1)
    mutex_m (0.2.0)
    net-imap (0.5.0)
      date
      net-protocol
    net-pop (0.1.2)
      net-protocol
    net-protocol (0.2.2)
      timeout
    net-smtp (0.5.0)
      net-protocol
    nokogiri (1.16.7-aarch64-linux)
      racc (~> 1.4)
    nokogiri (1.16.7-arm-linux)
      racc (~> 1.4)
    nokogiri (1.16.7-arm64-darwin)
      racc (~> 1.4)
    nokogiri (1.16.7-x86-linux)
      racc (~> 1.4)
    nokogiri (1.16.7-x86_64-darwin)
      racc (~> 1.4)
    nokogiri (1.16.7-x86_64-linux)
      racc (~> 1.4)
    pg (1.5.9)
    psych (5.2.0)
      stringio
    racc (1.8.1)
    rake (13.2.1)
    rdoc (6.7.0)
      psych (>= 4.0.0)
    roo (2.10.1)
      nokogiri (~> 1)
      rubyzip (>= 1.3.0, < 3.0.0)
    ruby-progressbar (1.13.0)
    rubyzip (2.3.2)
    stringio (3.1.2)
    timeout (0.4.2)
    typhoeus (1.4.1)
      ethon (>= 0.9.0)
    tzinfo (2.0.6)
      concurrent-ruby (~> 1.0)

PLATFORMS
  aarch64-linux
  aarch64-linux-gnu
  aarch64-linux-musl
  arm-linux
  arm-linux-gnu
  arm-linux-musl
  arm64-darwin
  x86-linux
  x86-linux-gnu
  x86-linux-musl
  x86_64-darwin
  x86_64-linux
  x86_64-linux-gnu
  x86_64-linux-musl

DEPENDENCIES
  avs!
  bundler (= 2.5.23)
  minitest
  rake
  rdoc

RUBY VERSION
   ruby 3.3.5p100

BUNDLED WITH
   2.5.23
