PATH
  remote: .
  specs:
    avs (0.0.8)
      dotenv (~> 3.1.0)
      gli (~> 2.21.1)
      mail (~> 2.8.1)
      pg (~> 1.5.6)

GEM
  remote: https://rubygems.org/
  specs:
    date (3.2.2)
    dotenv (3.1.0)
    gli (2.21.1)
    io-wait (0.2.1)
    mail (2.8.1)
      mini_mime (>= 0.1.1)
      net-imap
      net-pop
      net-smtp
    mini_mime (1.1.5)
    minitest (5.22.3)
    net-imap (0.4.10)
      date
      net-protocol
    net-pop (0.1.2)
      net-protocol
    net-protocol (0.1.2)
      io-wait
      timeout
    net-smtp (0.4.0.1)
      net-protocol
    pg (1.5.6)
    psych (5.1.2)
      stringio
    rake (13.1.0)
    rdoc (6.6.2)
      psych (>= 4.0.0)
    stringio (3.1.0)
    timeout (0.2.0)

PLATFORMS
  arm64-darwin-21

DEPENDENCIES
  avs!
  minitest
  rake
  rdoc

BUNDLED WITH
   2.4.8
